GEM
  remote: https://rubygems.org/
  specs:
    bson (1.8.3)
    bson_ext (1.8.3)
      bson (~> 1.8.3)
    builder (3.2.0)
    cucumber (1.2.3)
      builder (>= 2.1.2)
      diff-lcs (>= 1.1.3)
      gherkin (~> 2.11.6)
      multi_json (~> 1.3)
    diff-lcs (1.2.1)
    gherkin (2.11.6)
      json (>= 1.7.6)
    json (1.7.7)
    mongo (1.8.3)
      bson (~> 1.8.3)
    multi_json (1.7.2)
    rspec (2.13.0)
      rspec-core (~> 2.13.0)
      rspec-expectations (~> 2.13.0)
      rspec-mocks (~> 2.13.0)
    rspec-core (2.13.1)
    rspec-expectations (2.13.0)
      diff-lcs (>= 1.1.3, < 2.0)
    rspec-mocks (2.13.0)
    timecop (0.6.1)

PLATFORMS
  ruby

DEPENDENCIES
  bson_ext
  cucumber
  mongo
  rspec
  timecop
